GEM
  remote: https://rubygems.org/
  specs:
    htmlentities (4.3.4)
    kgio (2.9.2)
    multi_json (1.12.1)
    rack (1.6.4)
    rack-protection (1.5.3)
      rack
    raindrops (0.13.0)
    rdiscount (2.1.8)
    sass (3.4.21)
    sinatra (1.4.7)
      rack (~> 1.5)
      rack-protection (~> 1.4)
      tilt (>= 1.3, < 3)
    sinatra-json (0.1.0)
      multi_json (~> 1.0)
      sinatra (~> 1.0)
    tilt (2.0.2)
    unicorn (4.6.2)
      kgio (~> 2.6)
      rack
      raindrops (~> 0.7)

PLATFORMS
  ruby

DEPENDENCIES
  htmlentities (~> 4.3, >= 4.3.4)
  rdiscount
  sass
  sinatra
  sinatra-json
  unicorn (= 4.6.2)

BUNDLED WITH
   1.10.6
