GEM
  remote: https://rubygems.org/
  specs:
    ffi (1.9.25)
    htmlentities (4.3.4)
    kgio (2.11.2)
    multi_json (1.13.1)
    rack (1.6.10)
    rack-protection (1.5.5)
      rack
    raindrops (0.19.0)
    rb-fsevent (0.10.3)
    rb-inotify (0.9.10)
      ffi (>= 0.5.0, < 2)
    rdiscount (2.2.0.1)
    sass (3.5.7)
      sass-listen (~> 4.0.0)
    sass-listen (4.0.0)
      rb-fsevent (~> 0.9, >= 0.9.4)
      rb-inotify (~> 0.9, >= 0.9.7)
    sinatra (1.4.8)
      rack (~> 1.5)
      rack-protection (~> 1.4)
      tilt (>= 1.3, < 3)
    sinatra-json (0.1.0)
      multi_json (~> 1.0)
      sinatra (~> 1.0)
    tilt (2.0.8)
    unicorn (4.6.2)
      kgio (~> 2.6)
      rack
      raindrops (~> 0.7)

PLATFORMS
  ruby

DEPENDENCIES
  htmlentities (~> 4.3, >= 4.3.4)
  rdiscount
  sass
  sinatra
  sinatra-json
  unicorn (= 4.6.2)

BUNDLED WITH
   1.16.4
